PATH
  remote: .
  specs:
    microsoft_teams_ruby_client (0.1.0)
      http (~> 4.0)

GEM
  remote: https://rubygems.org/
  specs:
    addressable (2.6.0)
      public_suffix (>= 2.0.2, < 4.0)
    domain_name (0.5.20180417)
      unf (>= 0.0.5, < 1.0.0)
    http (4.0.4)
      addressable (~> 2.3)
      http-cookie (~> 1.0)
      http-form_data (~> 2.0)
      http_parser.rb (~> 0.6.0)
    http-cookie (1.0.3)
      domain_name (~> 0.5)
    http-form_data (2.1.1)
    http_parser.rb (0.6.0)
    minitest (5.11.3)
    public_suffix (3.0.3)
    rake (10.5.0)
    unf (0.1.4)
      unf_ext
    unf_ext (0.0.7.5)

PLATFORMS
  ruby

DEPENDENCIES
  bundler (~> 2.0)
  microsoft_teams_ruby_client!
  minitest (~> 5.0)
  rake (~> 10.0)

BUNDLED WITH
   2.0.1
